PATH
  remote: .
  specs:
    right_aws_api (0.2.0)
      right_cloud_api_base (>= 0.1.0)

GEM
  remote: https://rubygems.org/
  specs:
    diff-lcs (1.2.5)
    json (1.8.1)
    libxml-ruby (2.7.0)
    net-http-persistent (2.9.4)
    rake (10.3.2)
    redcarpet (3.1.2)
    right_cloud_api_base (0.1.0)
      json (>= 1.0.0)
      libxml-ruby (>= 1.0.0)
      net-http-persistent (>= 2.9.0)
      redcarpet (>= 3.0.0)
      ruby-hmac (>= 0.4.0)
    rspec (3.0.0)
      rspec-core (~> 3.0.0)
      rspec-expectations (~> 3.0.0)
      rspec-mocks (~> 3.0.0)
    rspec-core (3.0.2)
      rspec-support (~> 3.0.0)
    rspec-expectations (3.0.2)
      diff-lcs (>= 1.2.0, < 2.0)
      rspec-support (~> 3.0.0)
    rspec-mocks (3.0.2)
      rspec-support (~> 3.0.0)
    rspec-support (3.0.2)
    ruby-hmac (0.4.0)

PLATFORMS
  ruby

DEPENDENCIES
  rake
  right_aws_api!
  rspec (>= 3.0.0)
